GEM
  remote: https://rubygems.org/
  specs:
    ast (2.4.1)
    coderay (1.1.3)
    colorize (0.8.1)
    commander (4.5.2)
      highline (~> 2.0.0)
    highline (2.0.3)
    method_source (1.0.0)
    mini_portile2 (2.5.0)
    nokogiri (1.11.1)
      mini_portile2 (~> 2.5.0)
      racc (~> 1.4)
    nokogiri (1.11.1-x86_64-darwin)
      racc (~> 1.4)
    parlour (5.0.0)
      commander (~> 4.5)
      parser
      rainbow (~> 3.0)
      sorbet-runtime (>= 0.5)
    parser (3.0.0.0)
      ast (~> 2.4.1)
    pry (0.13.1)
      coderay (~> 1.1)
      method_source (~> 1.0)
    racc (1.5.2)
    rainbow (3.0.0)
    sorbet (0.5.6229)
      sorbet-static (= 0.5.6229)
    sorbet-runtime (0.5.6229)
    sorbet-static (0.5.6229-universal-darwin-14)
    sorbet-static (0.5.6229-universal-darwin-15)
    sorbet-static (0.5.6229-universal-darwin-16)
    sorbet-static (0.5.6229-universal-darwin-17)
    sorbet-static (0.5.6229-universal-darwin-18)
    sorbet-static (0.5.6229-universal-darwin-19)
    sorbet-static (0.5.6229-universal-darwin-20)
    sorbet-static (0.5.6229-x86_64-linux)
    spoom (1.0.8)
      colorize
      sorbet (~> 0.5.5)
      sorbet-runtime
      thor (>= 0.19.2)
    tapioca (0.4.13)
      parlour (>= 2.1.0)
      pry (>= 0.12.2)
      sorbet-runtime
      sorbet-static (>= 0.4.4471)
      spoom
      thor (>= 0.19.2)
    thor (1.1.0)

PLATFORMS
  ruby
  x86_64-darwin-19

DEPENDENCIES
  nokogiri (~> 1.11)
  tapioca (~> 0.4.13)

BUNDLED WITH
   2.2.5
